NUGET
  remote: https://nuget.org/api/v2
  specs:
    Microsoft.CodeAnalysis (1.0.0-rc1)
      Microsoft.CodeAnalysis.CSharp.Workspaces (1.0.0-rc1)
      Microsoft.CodeAnalysis.VisualBasic.Workspaces (1.0.0-rc1)
    Microsoft.CodeAnalysis.Analyzers (1.0.0-rc1)
    Microsoft.CodeAnalysis.Common (1.0.0-rc1)
      Microsoft.CodeAnalysis.Analyzers (1.0.0-rc1)
      System.Collections.Immutable (1.1.33-beta)
      System.Reflection.Metadata (1.0.18-beta)
    Microsoft.CodeAnalysis.CSharp (1.0.0-rc1)
      Microsoft.CodeAnalysis.Common (1.0.0-rc1)
    Microsoft.CodeAnalysis.CSharp.Workspaces (1.0.0-rc1)
      Microsoft.CodeAnalysis.CSharp (1.0.0-rc1)
      Microsoft.CodeAnalysis.Workspaces.Common (1.0.0-rc1)
    Microsoft.CodeAnalysis.VisualBasic (1.0.0-rc1)
      Microsoft.CodeAnalysis.Common (>= 1.0.0-rc1)
    Microsoft.CodeAnalysis.VisualBasic.Workspaces (1.0.0-rc1)
      Microsoft.CodeAnalysis.VisualBasic (1.0.0-rc1)
      Microsoft.CodeAnalysis.Workspaces.Common (1.0.0-rc1)
    Microsoft.CodeAnalysis.Workspaces.Common (1.0.0-rc1)
      Microsoft.CodeAnalysis.Common (1.0.0-rc1)
      Microsoft.Composition (>= 1.0.27)
    Microsoft.Composition (1.0.30)
    System.Collections.Immutable (1.1.33-beta)
    System.Reflection.Metadata (1.0.18-beta)
      System.Collections.Immutable (>= 1.1.33-beta)
